PATH
  remote: .
  specs:
    color_name-i18n (0.1.1)
      bundler (~> 1.2)
      i18n

GEM
  remote: http://rubygems.org/
  specs:
    diff-lcs (1.1.3)
    gli (2.4.1)
    i18n (0.6.1)
    i18n-spec (0.3.0)
      iso
    iso (0.2.0)
      i18n
    json (1.7.5)
    localeapp (0.6.5)
      gli
      i18n
      json
      rest-client
      ya2yaml
    mime-types (1.19)
    rake (10.0.2)
    rest-client (1.6.7)
      mime-types (>= 1.16)
    rspec (2.12.0)
      rspec-core (~> 2.12.0)
      rspec-expectations (~> 2.12.0)
      rspec-mocks (~> 2.12.0)
    rspec-core (2.12.1)
    rspec-expectations (2.12.0)
      diff-lcs (~> 1.1.3)
    rspec-mocks (2.12.0)
    ya2yaml (0.31)

PLATFORMS
  ruby

DEPENDENCIES
  bundler (~> 1.2)
  color_name-i18n!
  i18n
  i18n-spec
  localeapp
  rake
  rspec (>= 1.3.0)
