PATH
  remote: .
  specs:
    color_name-i18n (0.1.1)
      activemodel
      bundler (~> 1.2)
      i18n

GEM
  remote: http://rubygems.org/
  specs:
    activemodel (3.2.9)
      activesupport (= 3.2.9)
      builder (~> 3.0.0)
    activesupport (3.2.9)
      i18n (~> 0.6)
      multi_json (~> 1.0)
    builder (3.0.4)
    diff-lcs (1.1.3)
    gli (2.5.2)
    i18n (0.6.1)
    i18n-spec (0.3.0)
      iso
    iso (0.2.0)
      i18n
    json (1.7.5)
    localeapp (0.6.8)
      gli
      i18n
      json
      rest-client
      ya2yaml
    mime-types (1.19)
    multi_json (1.5.0)
    rake (10.0.3)
    rest-client (1.6.7)
      mime-types (>= 1.16)
    rspec (2.12.0)
      rspec-core (~> 2.12.0)
      rspec-expectations (~> 2.12.0)
      rspec-mocks (~> 2.12.0)
    rspec-core (2.12.2)
    rspec-expectations (2.12.0)
      diff-lcs (~> 1.1.3)
    rspec-mocks (2.12.0)
    ya2yaml (0.31)

PLATFORMS
  ruby

DEPENDENCIES
  bundler (~> 1.2)
  color_name-i18n!
  i18n
  i18n-spec
  localeapp
  rake
  rspec (>= 1.3.0)
